GEM
  remote: https://rubygems.org/
  specs:
    bigdecimal (3.1.7)
    byebug (11.1.3)
    coderay (1.1.3)
    method_source (1.1.0)
    multi_json (1.15.0)
    oj (3.16.3)
      bigdecimal (>= 3.0)
    pry (0.14.2)
      coderay (~> 1.1)
      method_source (~> 1.0)
    pry-byebug (3.10.1)
      byebug (~> 11.0)
      pry (>= 0.13, < 0.15)

PLATFORMS
  arm64-darwin-23
  ruby

DEPENDENCIES
  multi_json
  oj
  pry-byebug

BUNDLED WITH
   2.5.9
